GEM
  remote: https://rubygems.org/
  specs:
    awesome_print (1.8.0)
    coderay (1.1.3)
    httparty (0.18.1)
      mime-types (~> 3.0)
      multi_xml (>= 0.5.2)
    method_source (1.0.0)
    mime-types (3.3.1)
      mime-types-data (~> 3.2015)
    mime-types-data (3.2020.1104)
    multi_xml (0.6.0)
    pry (0.13.1)
      coderay (~> 1.1)
      method_source (~> 1.0)
    rake (12.3.3)
    uri_template (0.7.0)

PLATFORMS
  ruby

DEPENDENCIES
  awesome_print (~> 1.8)
  httparty (~> 0.18.1)
  pry (~> 0.13.1)
  rake (~> 12.0)
  uri_template (~> 0.7.0)

BUNDLED WITH
   2.1.4
